PATH
  remote: .
  specs:
    amazon_sp_clients (1.3.1)
      aws-sdk-core
      aws-sigv4
      faraday (~> 1.4)
      faraday_middleware
      httpclient
      multi_xml

GEM
  remote: https://rubygems.org/
  specs:
    activesupport (7.0.2.3)
      concurrent-ruby (~> 1.0, >= 1.0.2)
      i18n (>= 1.6, < 2)
      minitest (>= 5.1)
      tzinfo (~> 2.0)
    addressable (2.8.0)
      public_suffix (>= 2.0.2, < 5.0)
    awesome_print (1.9.2)
    aws-eventstream (1.2.0)
    aws-partitions (1.573.0)
    aws-sdk-core (3.130.0)
      aws-eventstream (~> 1, >= 1.0.2)
      aws-partitions (~> 1, >= 1.525.0)
      aws-sigv4 (~> 1.1)
      jmespath (~> 1.0)
    aws-sigv4 (1.4.0)
      aws-eventstream (~> 1, >= 1.0.2)
    byebug (11.1.3)
    coderay (1.1.3)
    concurrent-ruby (1.1.10)
    crack (0.4.5)
      rexml
    diff-lcs (1.5.0)
    dotenv (2.7.6)
    faraday (1.10.0)
      faraday-em_http (~> 1.0)
      faraday-em_synchrony (~> 1.0)
      faraday-excon (~> 1.1)
      faraday-httpclient (~> 1.0)
      faraday-multipart (~> 1.0)
      faraday-net_http (~> 1.0)
      faraday-net_http_persistent (~> 1.0)
      faraday-patron (~> 1.0)
      faraday-rack (~> 1.0)
      faraday-retry (~> 1.0)
      ruby2_keywords (>= 0.0.4)
    faraday-em_http (1.0.0)
    faraday-em_synchrony (1.0.0)
    faraday-excon (1.1.0)
    faraday-httpclient (1.0.1)
    faraday-multipart (1.0.3)
      multipart-post (>= 1.2, < 3)
    faraday-net_http (1.0.1)
    faraday-net_http_persistent (1.2.0)
    faraday-patron (1.0.0)
    faraday-rack (1.0.0)
    faraday-retry (1.0.3)
    faraday_middleware (1.2.0)
      faraday (~> 1.0)
    hashdiff (1.0.1)
    httpclient (2.8.3)
    i18n (1.10.0)
      concurrent-ruby (~> 1.0)
    jmespath (1.6.1)
    method_source (1.0.0)
    minitest (5.15.0)
    multi_xml (0.6.0)
    multipart-post (2.1.1)
    pry (0.13.1)
      coderay (~> 1.1)
      method_source (~> 1.0)
    pry-byebug (3.9.0)
      byebug (~> 11.0)
      pry (~> 0.13.0)
    public_suffix (4.0.6)
    rake (13.0.6)
    rexml (3.2.5)
    rspec (3.11.0)
      rspec-core (~> 3.11.0)
      rspec-expectations (~> 3.11.0)
      rspec-mocks (~> 3.11.0)
    rspec-core (3.11.0)
      rspec-support (~> 3.11.0)
    rspec-expectations (3.11.0)
      diff-lcs (>= 1.2.0, < 2.0)
      rspec-support (~> 3.11.0)
    rspec-mocks (3.11.0)
      diff-lcs (>= 1.2.0, < 2.0)
      rspec-support (~> 3.11.0)
    rspec-support (3.11.0)
    ruby2_keywords (0.0.5)
    timecop (0.9.5)
    tzinfo (2.0.4)
      concurrent-ruby (~> 1.0)
    webmock (3.14.0)
      addressable (>= 2.8.0)
      crack (>= 0.3.2)
      hashdiff (>= 0.4.0, < 2.0.0)

PLATFORMS
  ruby

DEPENDENCIES
  activesupport
  amazon_sp_clients!
  awesome_print
  dotenv
  pry-byebug
  rake
  rspec
  timecop
  webmock

BUNDLED WITH
   2.3.0
